GEM
  remote: http://rubygems.org/
  specs:
    rack (1.5.2)
    redcarpet (3.1.2)

PLATFORMS
  ruby

DEPENDENCIES
  rack
  redcarpet
